GEM
  remote: https://rubygems.org/
  specs:
    RedCloth (4.2.2)
    actionmailer (2.3.18)
      actionpack (= 2.3.18)
    actionpack (2.3.18)
      activesupport (= 2.3.18)
      rack (~> 1.1.0)
    activerecord (2.3.18)
      activesupport (= 2.3.18)
    activeresource (2.3.18)
      activesupport (= 2.3.18)
    activesupport (2.3.18)
    capistrano (2.5.19)
      highline
      net-scp (>= 1.0.0)
      net-sftp (>= 2.0.0)
      net-ssh (>= 2.0.14)
      net-ssh-gateway (>= 1.0.0)
    highline (1.6.21)
    hpricot (0.8.3)
    i18n (0.6.1)
    mysql (2.8.1)
    mysql2 (0.2.7)
    net-scp (1.2.1)
      net-ssh (>= 2.6.5)
    net-sftp (2.1.2)
      net-ssh (>= 2.6.5)
    net-ssh (2.9.2)
    net-ssh-gateway (1.2.0)
      net-ssh (>= 2.6.5)
    rack (1.1.6)
    rails (2.3.18)
      actionmailer (= 2.3.18)
      actionpack (= 2.3.18)
      activerecord (= 2.3.18)
      activeresource (= 2.3.18)
      activesupport (= 2.3.18)
      rake (>= 0.8.3)
    rake (0.8.7)
    sass (3.2.1)

PLATFORMS
  ruby

DEPENDENCIES
  RedCloth (= 4.2.2)
  capistrano (= 2.5.19)
  highline (= 1.6.21)
  hpricot (= 0.8.3)
  i18n (= 0.6.1)
  mysql (= 2.8.1)
  mysql2 (= 0.2.7)
  rails (= 2.3.18)
  rake (= 0.8.7)
  sass (= 3.2.1)
